PATH
  remote: .
  specs:
    esa-matome (0.1.0)
      esa (~> 1.2)

GEM
  remote: https://rubygems.org/
  specs:
    esa (1.2.0)
      faraday (~> 0.9)
      faraday_middleware
      mime-types (~> 2.6)
      multi_xml (~> 0.5.5)
    faraday (0.9.2)
      multipart-post (>= 1.2, < 3)
    faraday_middleware (0.10.0)
      faraday (>= 0.7.4, < 0.10)
    metaclass (0.0.4)
    mime-types (2.99)
    minitest (5.8.3)
    mocha (1.1.0)
      metaclass (~> 0.0.1)
    multi_xml (0.5.5)
    multipart-post (2.0.0)
    rake (10.4.2)

PLATFORMS
  ruby

DEPENDENCIES
  bundler (~> 1.11)
  esa-matome!
  minitest (~> 5.0)
  mocha (~> 1.1.0)
  rake (~> 10.0)

BUNDLED WITH
   1.11.2
